GEM
  remote: http://www.rubygems.org/
  specs:
    rack (1.6.4)
    rack-protection (1.5.3)
      rack
    sinatra (1.4.7)
      rack (~> 1.5)
      rack-protection (~> 1.4)
      tilt (>= 1.3, < 3)
    statsd-ruby (1.3.0)
    tilt (2.0.5)

PLATFORMS
  ruby

DEPENDENCIES
  sinatra
  statsd-ruby

BUNDLED WITH
   1.10.6
