GIT
  remote: git://github.com/bryanmikaelian/librato-statsd-ruby.git
  revision: 3e55f96b3c0e1fbd2ee620f165385a51898476aa
  specs:
    librato-statsd-ruby (1.0.0.beta)

GEM
  remote: http://www.rubygems.org/
  specs:
    rack (1.6.4)
    rack-protection (1.5.3)
      rack
    sinatra (1.4.7)
      rack (~> 1.5)
      rack-protection (~> 1.4)
      tilt (>= 1.3, < 3)
    tilt (2.0.5)

PLATFORMS
  ruby

DEPENDENCIES
  librato-statsd-ruby (= 1.0.0.beta)!
  sinatra

BUNDLED WITH
   1.10.6
